GIT
  remote: git://github.com/fog/fog.git
  revision: 2340c8029e9aee92526707849a608231ca07e208
  ref: master
  specs:
    fog (1.12.1)
      builder
      excon (~> 0.25.0)
      formatador (~> 0.2.0)
      mime-types
      multi_json (~> 1.0)
      net-scp (~> 1.1)
      net-ssh (>= 2.1.3)
      nokogiri (~> 1.5.0)
      ruby-hmac

PATH
  remote: .
  specs:
    mgmt (0.0.1)
      gli (= 2.7.0)

GEM
  remote: https://rubygems.org/
  specs:
    aruba (0.5.3)
      childprocess (>= 0.3.6)
      cucumber (>= 1.1.1)
      rspec-expectations (>= 2.7.0)
    builder (3.2.2)
    childprocess (0.3.9)
      ffi (~> 1.0, >= 1.0.11)
    coderay (1.0.9)
    cucumber (1.3.4)
      builder (>= 2.1.2)
      diff-lcs (>= 1.1.3)
      gherkin (~> 2.12.0)
      multi_json (~> 1.7.5)
      multi_test (~> 0.0.1)
    diff-lcs (1.2.4)
    excon (0.25.1)
    ffi (1.9.0)
    formatador (0.2.4)
    gherkin (2.12.0)
      multi_json (~> 1.3)
    gli (2.7.0)
    json (1.8.0)
    method_source (0.8.1)
    mime-types (1.23)
    multi_json (1.7.7)
    multi_test (0.0.1)
    net-scp (1.1.2)
      net-ssh (>= 2.6.5)
    net-ssh (2.6.8)
    nokogiri (1.5.10)
    pry (0.9.12.2)
      coderay (~> 1.0.5)
      method_source (~> 0.8)
      slop (~> 3.4)
    rake (10.1.0)
    rdoc (4.0.1)
      json (~> 1.4)
    rspec-expectations (2.14.0)
      diff-lcs (>= 1.1.3, < 2.0)
    ruby-hmac (0.4.0)
    slop (3.4.5)

PLATFORMS
  ruby

DEPENDENCIES
  aruba
  fog!
  mgmt!
  pry
  rake
  rdoc
